PATH
  remote: .
  specs:
    rorschart (0.20.0)
      activerecord4-redshift-adapter (~> 0.2.0)

GEM
  remote: https://rubygems.org/
  specs:
    activemodel (4.2.9)
      activesupport (= 4.2.9)
      builder (~> 3.1)
    activerecord (4.2.9)
      activemodel (= 4.2.9)
      activesupport (= 4.2.9)
      arel (~> 6.0)
    activerecord4-redshift-adapter (0.2.1)
      activerecord (~> 4.2.0)
      pg
    activesupport (4.2.9)
      i18n (~> 0.7)
      minitest (~> 5.1)
      thread_safe (~> 0.3, >= 0.3.4)
      tzinfo (~> 1.1)
    arel (6.0.4)
    builder (3.2.3)
    i18n (0.8.6)
    minitest (5.10.3)
    pg (0.21.0)
    rake (12.1.0)
    sqlite3 (1.3.13)
    thread_safe (0.3.6)
    tzinfo (1.2.3)
      thread_safe (~> 0.1)

PLATFORMS
  ruby

DEPENDENCIES
  activerecord (~> 4.2.0)
  bundler (~> 1.3)
  minitest
  rake
  rorschart!
  sqlite3

BUNDLED WITH
   1.13.6
